PATH
  remote: .
  specs:
    rusen (0.0.2)
      log4r
      pony

GEM
  remote: http://rubygems.org/
  specs:
    diff-lcs (1.1.3)
    i18n (0.6.4)
    log4r (1.1.10)
    mail (2.5.3)
      i18n (>= 0.4.0)
      mime-types (~> 1.16)
      treetop (~> 1.4.8)
    mime-types (1.21)
    multi_json (1.5.0)
    polyglot (0.3.3)
    pony (1.4)
      mail (> 2.0)
    rspec (2.7.0)
      rspec-core (~> 2.7.0)
      rspec-expectations (~> 2.7.0)
      rspec-mocks (~> 2.7.0)
    rspec-core (2.7.1)
    rspec-expectations (2.7.0)
      diff-lcs (~> 1.1.2)
    rspec-mocks (2.7.0)
    simplecov (0.7.1)
      multi_json (~> 1.0)
      simplecov-html (~> 0.7.1)
    simplecov-html (0.7.1)
    treetop (1.4.12)
      polyglot
      polyglot (>= 0.3.1)

PLATFORMS
  ruby

DEPENDENCIES
  rspec
  rusen!
  simplecov
